{
  "Modality": "MR",
  "MagneticFieldStrength": 3,
  "ImagingFrequency": 123.256,
  "Manufacturer": "Siemens",
  "ManufacturersModelName": "Prisma",
  "InstitutionName": "NTU_NCSC",
  "InstitutionalDepartmentName": "Department",
  "InstitutionAddress": "Fanglan_Rd._49_Taipei_Da_An_TW_10672",
  "DeviceSerialNumber": "66020",
  "StationName": "AWP66020",
  "BodyPartExamined": "BRAIN",
  "PatientPosition": "HFS",
  "ProcedureStepDescription": "NTU_Brain",
  "SoftwareVersions": "syngo_MR_D13D",
  "MRAcquisitionType": "2D",
  "SeriesDescription": "ep2d_bold_p2_TR2.5s_146",
  "ProtocolName": "ep2d_bold_p2_TR2.5s_146",
  "ScanningSequence": "EP",
  "SequenceVariant": "SK",
  "ScanOptions": "PFP_FS",
  "SequenceName": "_epfid2d1_78",
  "ImageType": [
    "ORIGINAL",
    "PRIMARY",
    "M",
    "ND",
    "NORM",
    "MOSAIC"
  ],
  "SeriesNumber": 7,
  "AcquisitionTime": "14:43:25.845000",
  "AcquisitionNumber": 1,
  "SliceThickness": 2.5,
  "SpacingBetweenSlices": 2.5,
  "SAR": 0.141015,
  "EchoTime": 0.03,
  "RepetitionTime": 2.5,
  "FlipAngle": 90,
  "PartialFourier": 0.75,
  "BaseResolution": 78,
  "ShimSetting": [
    -3034,
    -3772,
    -5497,
    225,
    -23,
    -25,
    150,
    35
  ],
  "TxRefAmp": 277.857,
  "PhaseResolution": 1,
  "ReceiveCoilName": "HeadNeck_20",
  "ReceiveCoilActiveElements": "HE1-4",
  "PulseSequenceDetails": "%SiemensSeq%_ep2d_bold",
  "RefLinesPE": 24,
  "ConsistencyInfo": "N4_VD13D_LATEST_20130810",
  "PercentPhaseFOV": 100,
  "EchoTrainLength": 32,
  "PhaseEncodingSteps": 63,
  "AcquisitionMatrixPE": 78,
  "ReconMatrixPE": 78,
  "BandwidthPerPixelPhaseEncode": 49.31,
  "ParallelReductionFactorInPlane": 2,
  "EffectiveEchoSpacing": 0.000259998,
  "DerivedVendorReportedEchoSpacing": 0.000519996,
  "TotalReadoutTime": 0.0200199,
  "PixelBandwidth": 2290,
  "DwellTime": 2.8E-6,
  "PhaseEncodingDirection": "j-",
  "SliceTiming": [
    0,
    1.2675,
    0.055,
    1.3225,
    0.11,
    1.3775,
    0.165,
    1.4325,
    0.22,
    1.4875,
    0.275,
    1.5425,
    0.33,
    1.5975,
    0.385,
    1.6525,
    0.44,
    1.7075,
    0.495,
    1.7625,
    0.5525,
    1.82,
    0.6075,
    1.875,
    0.6625,
    1.93,
    0.7175,
    1.985,
    0.7725,
    2.04,
    0.8275,
    2.095,
    0.8825,
    2.15,
    0.9375,
    2.205,
    0.9925,
    2.26,
    1.0475,
    2.315,
    1.1025,
    2.37,
    1.1575,
    2.425,
    1.2125
  ],
  "ImageOrientationPatientDICOM": [
    0.998259,
    0.0061704,
    0.0586525,
    -1.86603E-8,
    0.994512,
    -0.104625
  ],
  "InPlanePhaseEncodingDirectionDICOM": "COL",
  "ConversionSoftware": "dcm2niix",
  "ConversionSoftwareVersion": "v1.0.20190902",
  "TaskName": "listen"
}