{
  "Modality": "MR",
  "MagneticFieldStrength": 3,
  "ImagingFrequency": 123.256,
  "Manufacturer": "Siemens",
  "ManufacturersModelName": "Prisma",
  "InstitutionName": "NTU_NCSC",
  "InstitutionalDepartmentName": "Department",
  "InstitutionAddress": "Fanglan_Rd._49_Taipei_Da_An_TW_10672",
  "DeviceSerialNumber": "66020",
  "StationName": "AWP66020",
  "BodyPartExamined": "BRAIN",
  "PatientPosition": "HFS",
  "ProcedureStepDescription": "NTU_Brain",
  "SoftwareVersions": "syngo_MR_D13D",
  "MRAcquisitionType": "2D",
  "SeriesDescription": "ep2d_bold_p2_TR2.5s_146",
  "ProtocolName": "ep2d_bold_p2_TR2.5s_146",
  "ScanningSequence": "EP",
  "SequenceVariant": "SK",
  "ScanOptions": "PFP_FS",
  "SequenceName": "_epfid2d1_78",
  "ImageType": [
    "ORIGINAL",
    "PRIMARY",
    "M",
    "ND",
    "NORM",
    "MOSAIC"
  ],
  "SeriesNumber": 7,
  "AcquisitionTime": "16:21:1.500000",
  "AcquisitionNumber": 1,
  "SliceThickness": 2.5,
  "SpacingBetweenSlices": 2.5,
  "SAR": 0.121689,
  "EchoTime": 0.03,
  "RepetitionTime": 2.5,
  "FlipAngle": 90,
  "PartialFourier": 0.75,
  "BaseResolution": 78,
  "ShimSetting": [
    -3000,
    -3776,
    -5489,
    186,
    -97,
    7,
    12,
    -8
  ],
  "TxRefAmp": 259.148,
  "PhaseResolution": 1,
  "ReceiveCoilName": "HeadNeck_20",
  "ReceiveCoilActiveElements": "HE1-4",
  "PulseSequenceDetails": "%SiemensSeq%_ep2d_bold",
  "RefLinesPE": 24,
  "ConsistencyInfo": "N4_VD13D_LATEST_20130810",
  "PercentPhaseFOV": 100,
  "EchoTrainLength": 32,
  "PhaseEncodingSteps": 63,
  "AcquisitionMatrixPE": 78,
  "ReconMatrixPE": 78,
  "BandwidthPerPixelPhaseEncode": 49.31,
  "ParallelReductionFactorInPlane": 2,
  "EffectiveEchoSpacing": 0.000259998,
  "DerivedVendorReportedEchoSpacing": 0.000519996,
  "TotalReadoutTime": 0.0200199,
  "PixelBandwidth": 2290,
  "DwellTime": 2.8E-6,
  "PhaseEncodingDirection": "j-",
  "SliceTiming": [
    0,
    1.2675,
    0.055,
    1.3225,
    0.11,
    1.3775,
    0.165,
    1.4325,
    0.22,
    1.4875,
    0.275,
    1.5425,
    0.33,
    1.5975,
    0.385,
    1.6525,
    0.44,
    1.7075,
    0.495,
    1.7625,
    0.55,
    1.8175,
    0.605,
    1.8725,
    0.66,
    1.9275,
    0.715,
    1.9825,
    0.77,
    2.0375,
    0.825,
    2.0925,
    0.88,
    2.1475,
    0.935,
    2.2025,
    0.99,
    2.2575,
    1.045,
    2.3125,
    1.1,
    2.3675,
    1.155,
    2.425,
    1.2125
  ],
  "ImageOrientationPatientDICOM": [
    0.996458,
    0.000854433,
    0.0840872,
    0.0156536,
    0.980586,
    -0.195464
  ],
  "InPlanePhaseEncodingDirectionDICOM": "COL",
  "ConversionSoftware": "dcm2niix",
  "ConversionSoftwareVersion": "v1.0.20190902",
  "TaskName": "listen"
}