{
  "Modality": "MR",
  "MagneticFieldStrength": 3,
  "ImagingFrequency": 123.256,
  "Manufacturer": "Siemens",
  "ManufacturersModelName": "Prisma",
  "InstitutionName": "NTU_NCSC",
  "InstitutionalDepartmentName": "Department",
  "InstitutionAddress": "Fanglan_Rd._49_Taipei_Da_An_TW_10672",
  "DeviceSerialNumber": "66020",
  "StationName": "AWP66020",
  "BodyPartExamined": "BRAIN",
  "PatientPosition": "HFS",
  "ProcedureStepDescription": "NTU_Brain",
  "SoftwareVersions": "syngo_MR_D13D",
  "MRAcquisitionType": "2D",
  "SeriesDescription": "ep2d_bold_p2_TR2.5s_146",
  "ProtocolName": "ep2d_bold_p2_TR2.5s_146",
  "ScanningSequence": "EP",
  "SequenceVariant": "SK",
  "ScanOptions": "PFP_FS",
  "SequenceName": "_epfid2d1_78",
  "ImageType": [
    "ORIGINAL",
    "PRIMARY",
    "M",
    "ND",
    "NORM",
    "MOSAIC"
  ],
  "SeriesNumber": 7,
  "AcquisitionTime": "09:35:5.310000",
  "AcquisitionNumber": 1,
  "SliceThickness": 2.5,
  "SpacingBetweenSlices": 2.5,
  "SAR": 0.0894559,
  "EchoTime": 0.03,
  "RepetitionTime": 2.5,
  "FlipAngle": 90,
  "PartialFourier": 0.75,
  "BaseResolution": 78,
  "ShimSetting": [
    -3060,
    -3769,
    -5519,
    296,
    -60,
    -137,
    -11,
    94
  ],
  "TxRefAmp": 245.241,
  "PhaseResolution": 1,
  "ReceiveCoilName": "HeadNeck_20",
  "ReceiveCoilActiveElements": "HE1-4",
  "PulseSequenceDetails": "%SiemensSeq%_ep2d_bold",
  "RefLinesPE": 24,
  "ConsistencyInfo": "N4_VD13D_LATEST_20130810",
  "PercentPhaseFOV": 100,
  "EchoTrainLength": 32,
  "PhaseEncodingSteps": 63,
  "AcquisitionMatrixPE": 78,
  "ReconMatrixPE": 78,
  "BandwidthPerPixelPhaseEncode": 49.31,
  "ParallelReductionFactorInPlane": 2,
  "EffectiveEchoSpacing": 0.000259998,
  "DerivedVendorReportedEchoSpacing": 0.000519996,
  "TotalReadoutTime": 0.0200199,
  "PixelBandwidth": 2290,
  "DwellTime": 2.8E-6,
  "PhaseEncodingDirection": "j-",
  "SliceTiming": [
    0,
    1.27,
    0.0575,
    1.325,
    0.1125,
    1.38,
    0.1675,
    1.435,
    0.2225,
    1.49,
    0.2775,
    1.545,
    0.3325,
    1.6,
    0.3875,
    1.655,
    0.4425,
    1.71,
    0.4975,
    1.765,
    0.5525,
    1.82,
    0.6075,
    1.875,
    0.6625,
    1.93,
    0.7175,
    1.985,
    0.7725,
    2.04,
    0.8275,
    2.095,
    0.8825,
    2.15,
    0.9375,
    2.205,
    0.9925,
    2.26,
    1.0475,
    2.315,
    1.1025,
    2.37,
    1.1575,
    2.425,
    1.2125
  ],
  "ImageOrientationPatientDICOM": [
    0.993946,
    -0.0496255,
    -0.0980282,
    0.0433966,
    0.996962,
    -0.0646841
  ],
  "InPlanePhaseEncodingDirectionDICOM": "COL",
  "ConversionSoftware": "dcm2niix",
  "ConversionSoftwareVersion": "v1.0.20190902",
  "TaskName": "listen"
}